GIT
  remote: git://github.com/Roman2K/metacli.git
  revision: 927b53af93ea580817cc58ddad898d70d486e1ec
  specs:
    metacli (0.1.0)

GEM
  remote: https://rubygems.org/
  specs:
    minitest (5.11.3)

PLATFORMS
  ruby

DEPENDENCIES
  metacli!
  minitest

BUNDLED WITH
   1.17.1
